GEM
  remote: https://rubygems.org/
  specs:
    coderay (1.1.3)
    method_source (1.0.0)
    minitest (5.14.4)
    pry (0.14.1)
      coderay (~> 1.1)
      method_source (~> 1.0)
    ruby-prof (1.4.3)
    ruby-progressbar (1.11.0)
    stackprof (0.2.17)

PLATFORMS
  ruby

DEPENDENCIES
  minitest
  pry
  ruby-prof
  ruby-progressbar
  stackprof

BUNDLED WITH
   2.1.4
