GEM
  remote: https://rubygems.org/
  specs:
    benchmark (0.1.0)
    byebug (11.1.3)
    json (2.3.1)
    minitest (5.14.2)
    ruby-prof (1.4.1)
    ruby-progressbar (1.10.1)
    stackprof (0.2.15)

PLATFORMS
  ruby

DEPENDENCIES
  benchmark (= 0.1.0)
  byebug (= 11.1.3)
  json (= 2.3.1)
  minitest (= 5.14.2)
  ruby-prof (= 1.4.1)
  ruby-progressbar (~> 1.10, >= 1.10.1)
  stackprof (= 0.2.15)

RUBY VERSION
   ruby 3.0.0p-1

BUNDLED WITH
   2.2.0.rc.1
