GEM
  remote: https://rubygems.org/
  specs:
    benchmark (0.1.0)
    byebug (11.1.3)
    colorize (0.8.1)
    fasterer (0.8.3)
      colorize (~> 0.7)
      ruby_parser (>= 3.14.1)
    json (2.3.1)
    minitest (5.14.2)
    ruby-prof (1.4.1)
    ruby-progressbar (1.10.1)
    ruby_parser (3.15.0)
      sexp_processor (~> 4.9)
    sexp_processor (4.15.1)
    stackprof (0.2.15)

PLATFORMS
  ruby

DEPENDENCIES
  benchmark (= 0.1.0)
  byebug (= 11.1.3)
  fasterer (= 0.8.3)
  json (= 2.3.1)
  minitest (= 5.14.2)
  ruby-prof (= 1.4.1)
  ruby-progressbar (~> 1.10, >= 1.10.1)
  stackprof (= 0.2.15)

RUBY VERSION
   ruby 2.7.1p83

BUNDLED WITH
   2.2.0.rc.1
